GEM
  remote: http://rubygems.org/
  specs:
    sass (3.1.10)

PLATFORMS
  ruby

DEPENDENCIES
  sass
